NUGET
  remote: https://nuget.org/api/v2
  specs:
    bootstrap (3.3.2)
      jQuery (>= 1.9.1)
    FAKE (3.23.0)
    FsCheck (0.9.2.0)
    FSharp.Compiler.Service (0.0.86)
    FSharp.Formatting (2.7.5)
      FSharp.Compiler.Service (>= 0.0.82)
      FSharpVSPowerTools.Core (>= 1.7.0)
    FSharpVSPowerTools.Core (1.7.0)
      FSharp.Compiler.Service (>= 0.0.81)
    FsUnit (1.2.1.0)
      NUnit (>= 2.6.2)
    jQuery (2.1.3)
    Microsoft.Bcl (1.1.10)
      Microsoft.Bcl.Build (>= 1.0.14)
    Microsoft.Bcl.Build (1.0.21)
    Microsoft.Net.Http (2.2.29)
      Microsoft.Bcl (>= 1.1.10)
      Microsoft.Bcl.Build (>= 1.0.14)
    Microsoft.Owin (3.0.1)
      Owin (>= 1.0)
    Microsoft.Owin.Hosting (3.0.1)
      Microsoft.Owin (>= 3.0.1)
      Owin (>= 1.0)
    Nancy (1.1)
    Nancy.Owin (1.1)
      Nancy (>= 1.1)
      Owin (>= 1.0)
    Nowin (0.15.1.0)
    NuGet.CommandLine (2.8.3)
    NUnit (2.6.4)
    NUnit.Runners (2.6.4)
    NUnitTestAdapter (1.2)
    Octokit (0.7.3)
      Microsoft.Net.Http
    Owin (1.0)
    ServiceStack.Common (4.0.38)
      ServiceStack.Interfaces (>= 4.0.38)
      ServiceStack.Text (>= 4.0.38)
    ServiceStack.Interfaces (4.0.38)
    ServiceStack.OrmLite (4.0.38)
      ServiceStack.Common (>= 4.0.38)
    ServiceStack.OrmLite.Sqlite.Mono (4.0.38)
      ServiceStack.OrmLite (>= 4.0.38)
    ServiceStack.Text (4.0.38)
    SourceLink.Fake (0.4.2)
    Unquote (2.2.2)
GITHUB
  remote: fsharp/FAKE
  specs:
    modules/Octokit/Octokit.fsx (8c43fc5a6b2af40e207e38eb37159454b238c10d)
      Octokit